GEM
  remote: http://rubygems.org/
  specs:
    cinch (2.0.3)

PLATFORMS
  ruby

DEPENDENCIES
  cinch
